GEM
  remote: http://rubygems.org/
  specs:
    pdf-core (0.1.6)
    prawn (0.15.0)
      pdf-core (~> 0.1.3)
      ttfunk (~> 1.1.0)
    rmagick (2.15.4)
    ttfunk (1.1.1)

PLATFORMS
  ruby

DEPENDENCIES
  prawn (= 0.15.0)
  rmagick
